GEM
  remote: https://rubygems.org/
  specs:
    coderay (1.0.6)
    daemons (1.1.9)
    eventmachine (1.0.0)
    faker (1.1.2)
      i18n (~> 0.5)
    i18n (0.6.1)
    method_source (0.8)
    pry (0.9.10)
      coderay (~> 1.0.5)
      method_source (~> 0.8)
      slop (~> 3.3.1)
    rack (1.4.1)
    rack-protection (1.2.0)
      rack
    sinatra (1.3.3)
      rack (~> 1.3, >= 1.3.6)
      rack-protection (~> 1.2)
      tilt (~> 1.3, >= 1.3.3)
    slop (3.3.3)
    thin (1.5.0)
      daemons (>= 1.0.9)
      eventmachine (>= 0.12.6)
      rack (>= 1.0.0)
    tilt (1.3.3)

PLATFORMS
  ruby

DEPENDENCIES
  faker
  pry
  sinatra
  thin
